GIT
  remote: git://github.com/andrewfader/chingu.git
  revision: 83043292f7273bcbefb8f3821ab9765b3ebc6e9d
  specs:
    chingu (0.9rc9)
      gosu (>= 0.9.2)

GEM
  remote: http://rubygems.org/
  specs:
    awesome_print (1.6.1)
    byebug (8.2.2)
    coderay (1.1.1)
    coolline (0.5.0)
      unicode_utils (~> 1.4)
    gosu (0.10.6)
    hirb (0.7.3)
    jazz_fingers (3.0.1)
      awesome_print (~> 1.6)
      hirb (~> 0.7)
      pry (~> 0.10)
      pry-byebug (~> 3.1)
      pry-coolline (~> 0.2)
      pry-doc (~> 0.6)
      pry-remote (>= 0.1.7)
    method_source (0.8.2)
    pry (0.10.3)
      coderay (~> 1.1.0)
      method_source (~> 0.8.1)
      slop (~> 3.4)
    pry-byebug (3.3.0)
      byebug (~> 8.0)
      pry (~> 0.10)
    pry-coolline (0.2.5)
      coolline (~> 0.5)
    pry-doc (0.8.0)
      pry (~> 0.9)
      yard (~> 0.8)
    pry-remote (0.1.8)
      pry (~> 0.9)
      slop (~> 3.0)
    slop (3.6.0)
    unicode_utils (1.4.0)
    yard (0.8.7.6)

PLATFORMS
  ruby

DEPENDENCIES
  chingu!
  gosu
  jazz_fingers

BUNDLED WITH
   1.11.2
