GIT
  remote: git://github.com/ippa/chingu.git
  revision: c900235a0f314c3035d7eaed312616e3646fa37f
  specs:
    chingu (0.9rc9)
      gosu (>= 0.7.45)
      gosu (>= 0.7.45)

GEM
  remote: http://rubygems.org/
  specs:
    gosu (0.7.50)

PLATFORMS
  ruby

DEPENDENCIES
  chingu!
  gosu
