PATH
  remote: ~/workspace/chingu/
  specs:
    chingu (0.9rc9)
      gosu (>= 0.9.2)

GEM
  remote: http://rubygems.org/
  specs:
    gosu (0.10.6)

PLATFORMS
  ruby

DEPENDENCIES
  chingu!
  gosu

BUNDLED WITH
   1.11.2
