GIT
  remote: git://github.com/ippa/chingu.git
  revision: f0d5d9a39c80dfda72e9f688a7f2b7916c27f8a4
  specs:
    chingu (0.9rc9)
      gosu (>= 0.7.45)
      gosu (>= 0.7.45)

GEM
  remote: http://rubygems.org/
  specs:
    columnize (0.3.6)
    debugger (1.5.0)
      columnize (>= 0.3.1)
      debugger-linecache (~> 1.2.0)
      debugger-ruby_core_source (~> 1.2.0)
    debugger-linecache (1.2.0)
    debugger-ruby_core_source (1.2.0)
    gosu (0.7.45)

PLATFORMS
  ruby

DEPENDENCIES
  chingu!
  debugger
  gosu
