GIT
  remote: git://github.com/ippa/chingu.git
  revision: f0d5d9a39c80dfda72e9f688a7f2b7916c27f8a4
  specs:
    chingu (0.9rc9)
      gosu (>= 0.7.45)
      gosu (>= 0.7.45)

GEM
  remote: http://rubygems.org/
  specs:
    addressable (2.3.4)
    columnize (0.3.6)
    cri (2.1.0)
    debugger (1.5.0)
      columnize (>= 0.3.1)
      debugger-linecache (~> 1.2.0)
      debugger-ruby_core_source (~> 1.2.0)
    debugger-linecache (1.2.0)
    debugger-ruby_core_source (1.2.0)
    faster_xml_simple (0.5.0)
      libxml-ruby (>= 0.3.8.4)
    gosu (0.7.45)
    httpclient (2.3.3)
    json (1.7.7)
    launchy (2.3.0)
      addressable (~> 2.3)
    libxml-ruby (2.6.0)
    net-github-upload (0.0.8)
      faster_xml_simple
      httpclient
      json
      nokogiri (>= 1.4.0)
    nokogiri (1.5.9)
    ocra (1.3.1)
    rake (0.9.2.2)
    releasy (0.2.2)
      cri (~> 2.1.0)
      net-github-upload (~> 0.0.8)
      ocra (~> 1.3.0)
      rake (~> 0.9.2.2)
      thor (~> 0.14.6)
    thor (0.14.6)

PLATFORMS
  ruby

DEPENDENCIES
  chingu!
  debugger
  gosu
  launchy
  releasy
